GEM
  remote: https://rubygems.org/
  specs:
    activemodel (7.0.3.1)
      activesupport (= 7.0.3.1)
    activesupport (7.0.3.1)
      concurrent-ruby (~> 1.0, >= 1.0.2)
      i18n (>= 1.6, < 2)
      minitest (>= 5.1)
      tzinfo (~> 2.0)
    addressable (2.8.1)
      public_suffix (>= 2.0.2, < 6.0)
    amazing_print (1.4.0)
    bridgetown (1.1.0)
      bridgetown-builder (= 1.1.0)
      bridgetown-core (= 1.1.0)
      bridgetown-paginate (= 1.1.0)
    bridgetown-builder (1.1.0)
      bridgetown-core (= 1.1.0)
    bridgetown-core (1.1.0)
      activemodel (>= 6.0, < 8.0)
      activesupport (>= 6.0, < 8.0)
      addressable (~> 2.4)
      amazing_print (~> 1.2)
      colorator (~> 1.0)
      erubi (~> 1.9)
      faraday (~> 1.0)
      faraday_middleware (~> 1.0)
      hash_with_dot_access (~> 1.2)
      i18n (~> 1.0)
      kramdown (~> 2.1)
      kramdown-parser-gfm (~> 1.0)
      liquid (~> 5.0)
      listen (~> 3.0)
      rake (>= 13.0)
      roda (~> 3.46)
      rouge (~> 3.0)
      serbea (~> 1.0)
      terminal-table (~> 1.8)
      thor (~> 1.1)
      tilt (~> 2.0)
      webrick (~> 1.7)
      zeitwerk (~> 2.5)
    bridgetown-feed (2.1.0)
      bridgetown (>= 1.0.0.alpha5, < 2.0)
    bridgetown-paginate (1.1.0)
      bridgetown-core (= 1.1.0)
    bridgetown-quick-search (1.1.3)
      bridgetown (>= 0.15.0.beta1, < 2.0)
    bridgetown-seo-tag (5.0.0)
      bridgetown (>= 0.20.0, < 2.0)
    bridgetown-svg-inliner (1.0.2)
      bridgetown (>= 0.20, < 2.0)
      nokogiri
    bulmatown (1.2.3)
      bridgetown (>= 1.0.0.alpha10, < 2.0)
      bridgetown-quick-search (~> 1.1)
    colorator (1.1.0)
    concurrent-ruby (1.1.10)
    erubi (1.11.0)
    faraday (1.10.1)
      faraday-em_http (~> 1.0)
      faraday-em_synchrony (~> 1.0)
      faraday-excon (~> 1.1)
      faraday-httpclient (~> 1.0)
      faraday-multipart (~> 1.0)
      faraday-net_http (~> 1.0)
      faraday-net_http_persistent (~> 1.0)
      faraday-patron (~> 1.0)
      faraday-rack (~> 1.0)
      faraday-retry (~> 1.0)
      ruby2_keywords (>= 0.0.4)
    faraday-em_http (1.0.0)
    faraday-em_synchrony (1.0.0)
    faraday-excon (1.1.0)
    faraday-httpclient (1.0.1)
    faraday-multipart (1.0.4)
      multipart-post (~> 2)
    faraday-net_http (1.0.1)
    faraday-net_http_persistent (1.2.0)
    faraday-patron (1.0.0)
    faraday-rack (1.0.0)
    faraday-retry (1.0.3)
    faraday_middleware (1.2.0)
      faraday (~> 1.0)
    ffi (1.15.5)
    hash_with_dot_access (1.2.0)
      activesupport (>= 5.0.0, < 8.0)
    i18n (1.12.0)
      concurrent-ruby (~> 1.0)
    kramdown (2.4.0)
      rexml
    kramdown-parser-gfm (1.1.0)
      kramdown (~> 2.0)
    liquid (5.4.0)
    listen (3.7.1)
      rb-fsevent (~> 0.10, >= 0.10.3)
      rb-inotify (~> 0.9, >= 0.9.10)
    mini_portile2 (2.8.0)
    minitest (5.16.3)
    multipart-post (2.2.3)
    nio4r (2.5.8)
    nokogiri (1.13.8)
      mini_portile2 (~> 2.8.0)
      racc (~> 1.4)
    nokogiri (1.13.8-x86_64-darwin)
      racc (~> 1.4)
    public_suffix (5.0.0)
    puma (5.6.4)
      nio4r (~> 2.0)
    racc (1.6.0)
    rack (3.0.4.1)
    rake (13.0.6)
    rb-fsevent (0.11.1)
    rb-inotify (0.10.1)
      ffi (~> 1.0)
    rexml (3.2.5)
    roda (3.59.0)
      rack
    rouge (3.30.0)
    ruby2_keywords (0.0.5)
    serbea (1.0.1)
      activesupport (>= 6.0)
      erubi (>= 1.10)
      tilt (~> 2.0)
    terminal-table (1.8.0)
      unicode-display_width (~> 1.1, >= 1.1.1)
    thor (1.2.1)
    tilt (2.0.11)
    tzinfo (2.0.5)
      concurrent-ruby (~> 1.0)
    unicode-display_width (1.8.0)
    webrick (1.7.0)
    zeitwerk (2.6.0)

PLATFORMS
  ruby
  x86_64-darwin-19

DEPENDENCIES
  bridgetown (~> 1.1.0)
  bridgetown-feed (~> 2.1)
  bridgetown-quick-search (~> 1.1)
  bridgetown-seo-tag (~> 5.0)
  bridgetown-svg-inliner (~> 1.0)
  bulmatown (~> 1.2.2)
  puma (~> 5.2)

BUNDLED WITH
   2.2.22
